PATH
  remote: .
  specs:
    riktoken (0.0.1)
      base64

GEM
  remote: https://rubygems.org/
  specs:
    ast (2.4.3)
    base64 (0.3.0)
    docile (1.4.1)
    json (2.12.2)
    language_server-protocol (3.17.0.5)
    lint_roller (1.1.0)
    logger (1.7.0)
    minitest (5.25.5)
    parallel (1.27.0)
    parser (3.3.8.0)
      ast (~> 2.4.1)
      racc
    prism (1.2.0)
    racc (1.8.1)
    rainbow (3.1.1)
    rake (13.3.0)
    rbs (3.9.4)
      logger
    rbs-inline (0.11.0)
      prism (>= 0.29, < 1.3)
      rbs (>= 3.5.0)
    regexp_parser (2.10.0)
    rubocop (1.74.0)
      json (~> 2.3)
      language_server-protocol (~> 3.17.0.2)
      lint_roller (~> 1.1.0)
      parallel (~> 1.10)
      parser (>= 3.3.0.2)
      rainbow (>= 2.2.2, < 4.0)
      regexp_parser (>= 2.9.3, < 3.0)
      rubocop-ast (>= 1.38.0, < 2.0)
      ruby-progressbar (~> 1.7)
      unicode-display_width (>= 2.4.0, < 4.0)
    rubocop-ast (1.42.0)
      parser (>= 3.3.7.2)
    rubocop-performance (1.24.0)
      lint_roller (~> 1.1)
      rubocop (>= 1.72.1, < 2.0)
      rubocop-ast (>= 1.38.0, < 2.0)
    ruby-progressbar (1.13.0)
    simplecov (0.22.0)
      docile (~> 1.1)
      simplecov-html (~> 0.11)
      simplecov_json_formatter (~> 0.1)
    simplecov-html (0.13.1)
    simplecov_json_formatter (0.1.4)
    standard (1.35.0.1)
      language_server-protocol (~> 3.17.0.2)
      lint_roller (~> 1.0)
      rubocop (~> 1.62)
      standard-custom (~> 1.0.0)
      standard-performance (~> 1.3)
    standard-custom (1.0.2)
      lint_roller (~> 1.0)
      rubocop (~> 1.50)
    standard-performance (1.7.0)
      lint_roller (~> 1.1)
      rubocop-performance (~> 1.24.0)
    unicode-display_width (3.1.4)
      unicode-emoji (~> 4.0, >= 4.0.4)
    unicode-emoji (4.0.4)

PLATFORMS
  arm64-darwin-23
  ruby

DEPENDENCIES
  minitest (~> 5.16)
  rake (~> 13.0)
  rbs-inline (~> 0.11.0)
  riktoken!
  rubocop (~> 1.74)
  simplecov (~> 0.22)
  standard (~> 1.35)

BUNDLED WITH
   2.6.8
